GEM
  remote: https://rubygems.org/
  specs:
    actionpack (7.0.4)
      actionview (= 7.0.4)
      activesupport (= 7.0.4)
      rack (~> 2.0, >= 2.2.0)
      rack-test (>= 0.6.3)
      rails-dom-testing (~> 2.0)
      rails-html-sanitizer (~> 1.0, >= 1.2.0)
    actionview (7.0.4)
      activesupport (= 7.0.4)
      builder (~> 3.1)
      erubi (~> 1.4)
      rails-dom-testing (~> 2.0)
      rails-html-sanitizer (~> 1.1, >= 1.2.0)
    activemodel (7.0.4)
      activesupport (= 7.0.4)
    activerecord (7.0.4)
      activemodel (= 7.0.4)
      activesupport (= 7.0.4)
    activesupport (7.0.4)
      concurrent-ruby (~> 1.0, >= 1.0.2)
      i18n (>= 1.6, < 2)
      minitest (>= 5.1)
      tzinfo (~> 2.0)
    acts_as_commentable (4.0.2)
    acts_as_follower (0.2.1)
    acts_as_xlsx (1.0.6)
      activerecord (>= 2.3.9)
      axlsx (>= 1.0.13)
      i18n (>= 0.4.1)
    addressable (2.3.8)
    ancestry (4.2.0)
      activerecord (>= 5.2.6)
    avatarly (1.6.1)
      rfc822
      rmagick
      unicode_utils
    axlsx (1.3.6)
      htmlentities (~> 4.3.1)
      nokogiri (>= 1.4.1)
      rubyzip (>= 0.9.5)
    bcrypt (3.1.18)
    betterlorem (0.1.2)
    builder (3.2.4)
    carrierwave (1.3.2)
      activemodel (>= 4.0.0)
      activesupport (>= 4.0.0)
      mime-types (>= 1.16)
      ssrf_filter (~> 1.0)
    chronic_duration (0.10.6)
      numerizer (~> 0.1.1)
    climate_control (0.2.0)
    cocoon (1.2.15)
    concurrent-ruby (1.1.10)
    crass (1.0.6)
    date (3.3.1)
    descriptive-statistics (2.2.0)
    encryptor (3.0.0)
    erubi (1.11.0)
    et-orbi (1.2.7)
      tzinfo
    fastimage (1.9.0)
      addressable (~> 2.3.5)
    fugit (1.8.0)
      et-orbi (~> 1, >= 1.2.7)
      raabro (~> 1.4)
    groupdate (6.1.0)
      activesupport (>= 5.2)
    htmlentities (4.3.4)
    i18n (1.12.0)
      concurrent-ruby (~> 1.0)
    imgkit (1.6.2)
    json (2.6.3)
    logger (1.5.2)
    loofah (2.19.0)
      crass (~> 1.0.2)
      nokogiri (>= 1.5.9)
    mail (2.8.0)
      mini_mime (>= 0.1.1)
      net-imap
      net-pop
      net-smtp
    mime-types (3.4.1)
      mime-types-data (~> 3.2015)
    mime-types-data (3.2022.0105)
    mimemagic (0.3.10)
      nokogiri (~> 1)
      rake
    mini_mime (1.1.2)
    mini_portile2 (2.8.0)
    minitest (5.16.3)
    mustermann (3.0.0)
      ruby2_keywords (~> 0.0.1)
    net-imap (0.3.2)
      date
      net-protocol
    net-ldap (0.17.1)
    net-pop (0.1.2)
      net-protocol
    net-protocol (0.2.1)
      timeout
    net-smtp (0.3.3)
      net-protocol
    nio4r (2.5.8)
    nokogiri (1.13.10)
      mini_portile2 (~> 2.8.0)
      racc (~> 1.4)
    numerizer (0.1.1)
    paperclip (6.1.0)
      activemodel (>= 4.2.0)
      activesupport (>= 4.2.0)
      mime-types
      mimemagic (~> 0.3.0)
      terrapin (~> 0.6.0)
    paranoia (2.6.1)
      activerecord (>= 5.1, < 7.1)
    pdfkit (0.8.7.2)
    pg (1.4.5)
    pkg-config (1.5.1)
    powerpoint (1.8)
      fastimage (~> 1)
      rubyzip (~> 1)
    puma (6.0.0)
      nio4r (~> 2.0)
    raabro (1.4.0)
    racc (1.6.1)
    rack (2.2.4)
    rack-protection (3.0.4)
      rack
    rack-ssl (1.4.1)
      rack
    rack-test (2.0.2)
      rack (>= 1.3)
    rails-dom-testing (2.0.3)
      activesupport (>= 4.2.0)
      nokogiri (>= 1.6)
    rails-html-sanitizer (1.4.3)
      loofah (~> 2.3)
    rake (13.0.6)
    rfc822 (0.1.5)
    rmagick (5.1.0)
      pkg-config (~> 1.4)
    roo (2.9.0)
      nokogiri (~> 1)
      rubyzip (>= 1.3.0, < 3.0.0)
    ruby2_keywords (0.0.5)
    rubyzip (1.3.0)
    rufus-scheduler (3.8.2)
      fugit (~> 1.1, >= 1.1.6)
    simple-navigation (3.14.0)
      activesupport (>= 2.3.2)
    sinatra (3.0.4)
      mustermann (~> 3.0)
      rack (~> 2.2, >= 2.2.4)
      rack-protection (= 3.0.4)
      tilt (~> 2.0)
    sinatra-activerecord (2.0.26)
      activerecord (>= 4.1)
      sinatra (>= 1.0)
    sinatra-partial (1.0.1)
      sinatra (>= 1.4)
    sinatra-simple-navigation (3.7.1)
      simple-navigation (~> 3.12)
    sinatra-support (1.2.2)
      sinatra (>= 1.0)
    ssrf_filter (1.1.1)
    sucker_punch (2.1.2)
      concurrent-ruby (~> 1.0)
    terrapin (0.6.0)
      climate_control (>= 0.0.3, < 1.0)
    tilt (2.0.11)
    time_math2 (0.1.1)
    timeout (0.3.1)
    tzinfo (2.0.5)
      concurrent-ruby (~> 1.0)
    unicode_utils (1.4.0)
    workflow (3.0.0)
    working_hours (1.4.1)
      activesupport (>= 3.2)
      tzinfo

PLATFORMS
  ruby

DEPENDENCIES
  actionpack
  activerecord
  activesupport
  acts_as_commentable
  acts_as_follower
  acts_as_xlsx
  ancestry
  avatarly
  axlsx
  bcrypt
  betterlorem
  carrierwave (~> 1.0)
  chronic_duration
  cocoon
  descriptive-statistics
  encryptor
  groupdate
  imgkit
  json
  logger
  mail
  net-ldap
  nokogiri
  paperclip
  paranoia
  pdfkit
  pg
  powerpoint
  puma
  rack
  rack-ssl
  rake
  rmagick
  roo (~> 2.9.0)
  rufus-scheduler
  sinatra
  sinatra-activerecord
  sinatra-partial
  sinatra-simple-navigation
  sinatra-support
  sucker_punch (~> 2.0)
  time_math2
  workflow
  working_hours

BUNDLED WITH
   2.1.4
